GEM
  remote: https://rubygems.org/
  specs:
    byebug (4.0.3)
      columnize (= 0.9.0)
    chronic (0.10.2)
    colorize (0.7.7)
    columnize (0.9.0)
    json (1.8.2)
    pg (0.18.1)
    rack (1.6.4)
    rack-protection (1.5.3)
      rack
    require_all (1.3.3)
    sinatra (1.4.6)
      rack (~> 1.4)
      rack-protection (~> 1.4)
      tilt (>= 1.3, < 3)
    slim (3.0.6)
      temple (~> 0.7.3)
      tilt (>= 1.3.3, < 2.1)
    temple (0.7.6)
    tilt (2.0.2)
    whenever (0.9.4)
      chronic (>= 0.6.3)

PLATFORMS
  ruby

DEPENDENCIES
  byebug
  colorize
  json
  pg
  require_all
  sinatra
  slim
  whenever

BUNDLED WITH
   1.11.2
