GEM
  remote: https://rubygems.org/
  specs:
    byebug (4.0.3)
      columnize (= 0.9.0)
    colorize (0.7.7)
    columnize (0.9.0)
    json (1.8.2)

PLATFORMS
  ruby

DEPENDENCIES
  byebug
  colorize
  json

BUNDLED WITH
   1.10.4
