GEM
  remote: https://rubygems.org/
  specs:
    byebug (4.0.3)
      columnize (= 0.9.0)
    chronic (0.10.2)
    colorize (0.7.7)
    columnize (0.9.0)
    json (1.8.2)
    pg (0.18.1)
    require_all (1.3.3)
    whenever (0.9.4)
      chronic (>= 0.6.3)

PLATFORMS
  ruby

DEPENDENCIES
  byebug
  colorize
  json
  pg
  require_all
  whenever

BUNDLED WITH
   1.11.2
